GEM
  remote: http://rubygems.org/
  specs:
    daemons (1.2.2)
    eventmachine (1.0.7)
    rack (1.6.2)
    sprockets (3.2.0)
      rack (~> 1.0)
    thin (1.6.3)
      daemons (~> 1.0, >= 1.0.9)
      eventmachine (~> 1.0)
      rack (~> 1.0)

PLATFORMS
  ruby

DEPENDENCIES
  sprockets
  thin
